GEM
  remote: https://rubygems.org/
  specs:
    bigdecimal (3.1.8)
    pg (1.5.8)
    sequel (5.84.0)
      bigdecimal

PLATFORMS
  arm64-darwin-23
  ruby

DEPENDENCIES
  pg
  sequel

BUNDLED WITH
   2.5.11
