PATH
  remote: /Users/ismasan/code/personal/gems/plumb
  specs:
    plumb (0.0.7)
      bigdecimal
      concurrent-ruby

GEM
  remote: https://rubygems.org/
  specs:
    async (2.17.0)
      console (~> 1.26)
      fiber-annotation
      io-event (~> 1.6, >= 1.6.5)
    bigdecimal (3.1.8)
    concurrent-ruby (1.3.4)
    console (1.27.0)
      fiber-annotation
      fiber-local (~> 1.1)
      json
    debug (1.9.2)
      irb (~> 1.10)
      reline (>= 0.3.8)
    fiber-annotation (0.2.0)
    fiber-local (1.1.0)
      fiber-storage
    fiber-storage (1.0.0)
    io-console (0.7.2)
    io-event (1.6.5)
    irb (1.14.0)
      rdoc (>= 4.0.0)
      reline (>= 0.4.2)
    json (2.7.2)
    mini_portile2 (2.8.7)
    pg (1.5.8)
    psych (5.1.2)
      stringio
    rdoc (6.7.0)
      psych (>= 4.0.0)
    reline (0.5.10)
      io-console (~> 0.5)
    sequel (5.84.0)
      bigdecimal
    sqlite3 (2.1.0)
      mini_portile2 (~> 2.8.0)
    sqlite3 (2.1.0-arm64-darwin)
    stringio (3.1.1)

PLATFORMS
  arm64-darwin-23
  ruby

DEPENDENCIES
  async
  debug
  pg
  plumb!
  sequel
  sqlite3

BUNDLED WITH
   2.5.11
