PATH
  remote: /Users/ismasan/code/personal/gems/plumb
  specs:
    plumb (0.0.7)
      bigdecimal
      concurrent-ruby

GEM
  remote: https://rubygems.org/
  specs:
    bigdecimal (3.1.8)
    concurrent-ruby (1.3.4)
    debug (1.9.2)
      irb (~> 1.10)
      reline (>= 0.3.8)
    io-console (0.7.2)
    irb (1.14.0)
      rdoc (>= 4.0.0)
      reline (>= 0.4.2)
    pg (1.5.8)
    psych (5.1.2)
      stringio
    rdoc (6.7.0)
      psych (>= 4.0.0)
    reline (0.5.10)
      io-console (~> 0.5)
    sequel (5.84.0)
      bigdecimal
    stringio (3.1.1)

PLATFORMS
  arm64-darwin-23
  ruby

DEPENDENCIES
  debug
  pg
  plumb!
  sequel

BUNDLED WITH
   2.5.11
